PATH
  remote: .
  specs:
    mongoid_rateable (0.4.0)
      mongoid (~> 4.0.alpha)

GEM
  remote: http://rubygems.org/
  specs:
    activemodel (4.0.2)
      activesupport (= 4.0.2)
      builder (~> 3.1.0)
    activesupport (4.0.2)
      i18n (~> 0.6, >= 0.6.4)
      minitest (~> 4.2)
      multi_json (~> 1.3)
      thread_safe (~> 0.1)
      tzinfo (~> 0.3.37)
    atomic (1.1.14)
    bson (2.2.0)
    builder (3.1.4)
    connection_pool (1.2.0)
    database_cleaner (1.2.0)
    diff-lcs (1.2.5)
    docile (1.1.2)
    i18n (0.6.9)
    minitest (4.7.5)
    mongoid (4.0.0.alpha2)
      activemodel (>= 4.0.0)
      moped (~> 2.0.beta5)
      origin (~> 2.1)
      tzinfo (>= 0.3.37)
    moped (2.0.0.beta5)
      bson (~> 2.1)
      connection_pool (~> 1.2)
      optionable (~> 0.2.0)
    multi_json (1.8.4)
    optionable (0.2.0)
    origin (2.1.0)
    rake (10.1.1)
    rspec (2.14.1)
      rspec-core (~> 2.14.0)
      rspec-expectations (~> 2.14.0)
      rspec-mocks (~> 2.14.0)
    rspec-core (2.14.7)
    rspec-expectations (2.14.4)
      diff-lcs (>= 1.1.3, < 2.0)
    rspec-mocks (2.14.4)
    simplecov (0.8.2)
      docile (~> 1.1.0)
      multi_json
      simplecov-html (~> 0.8.0)
    simplecov-html (0.8.0)
    thread_safe (0.1.3)
      atomic
    tzinfo (0.3.38)
    yard (0.8.7.3)

PLATFORMS
  ruby

DEPENDENCIES
  bundler
  database_cleaner
  mongoid_rateable!
  rake (~> 10.0)
  rspec (>= 2.0.0)
  simplecov (~> 0.7)
  yard
